GEM
  remote: https://rubygems.org/
  specs:
    concurrent-ruby (1.3.4)
    dvla-herodotus (2.0.0)
    faker (3.4.2)
      i18n (>= 1.8.11, < 2)
    i18n (1.14.6)
      concurrent-ruby (~> 1.0)
    simple_symbolize (4.0.0)

PLATFORMS
  arm64-darwin-23
  ruby

DEPENDENCIES
  dvla-herodotus (~> 2.0)
  faker (~> 3.4, >= 3.4.2)
  simple_symbolize (~> 4.0)

BUNDLED WITH
   2.5.18
